{
    "Modality": "MR",
    "MagneticFieldStrength": 3,
    "ImagingFrequency": 127.696749,
    "Manufacturer": "GE",
    "InternalPulseSequenceName": "EPI",
    "ManufacturersModelName": "DISCOVERY MR750",
    "InstitutionName": "NIH FMRIF",
    "DeviceSerialNumber": "000301496MR3T6MR",
    "StationName": "fmrif3tb",
    "BodyPartExamined": "BRAIN",
    "PatientPosition": "HFS",
    "ProcedureStepDescription": "Gradient Echo",
    "SoftwareVersions": "27\\LX\\MR Software release:DV26.0_R01_1725.a",
    "MRAcquisitionType": "2D",
    "SeriesDescription": "Axial EPI-FMRI (Interleaved I to S)",
    "ProtocolName": "DCM2NIIX regression test",
    "ScanningSequence": "EP\\GR",
    "SequenceVariant": "SS",
    "ScanOptions": "EPI_GEMS\\PFF",
    "PulseSequenceName": "epiRT",
    "ImageType": [
        "ORIGINAL",
        "PRIMARY",
        "EPI",
        "NONE"
    ],
    "SeriesNumber": 4,
    "AcquisitionTime": "11:48:15.000000",
    "AcquisitionNumber": 1,
    "SliceThickness": 3,
    "SpacingBetweenSlices": 5,
    "SAR": 0.0166392,
    "EchoTime": 0.03,
    "RepetitionTime": 5,
    "FlipAngle": 60,
    "PhaseEncodingPolarityGE": "Unflipped",
    "ShimSetting": [
        3,
        4,
        -12
    ],
    "PrescanReuseString": "TG/s3,RN/s1",
    "CoilString": "32Ch Head",
    "PercentPhaseFOV": 100,
    "PercentSampling": 100,
    "AcquisitionMatrixPE": 64,
    "ReconMatrixPE": 64,
    "EffectiveEchoSpacing": 0.000388,
    "TotalReadoutTime": 0.024444,
    "PixelBandwidth": 7812.5,
    "PhaseEncodingDirection": "j-",
    "SliceTiming": [
        0,
        2.66667,
        0.333333,
        3,
        0.666667,
        3.33333,
        1,
        3.66667,
        1.33333,
        4,
        1.66667,
        4.33333,
        2,
        4.66667,
        2.33333
    ],
    "ImageOrientationPatientDICOM": [
        1,
        0,
        0,
        0,
        1,
        0
    ],
    "InPlanePhaseEncodingDirectionDICOM": "COL",
    "BidsGuess": [
        "func",
        "_acq-EPI_dir-AP_run-4_bold"
    ],
    "ConversionSoftware": "dcm2niix",
    "ConversionSoftwareVersion": "v1.0.20240202",
    "Dcm2bidsVersion": "3.2.0",
    "TaskName": "rest"
}