{
    "Modality": "MR",
    "MagneticFieldStrength": 3,
    "ImagingFrequency": 123.203897,
    "Manufacturer": "Siemens",
    "ManufacturersModelName": "Skyra",
    "InstitutionName": "NIH",
    "InstitutionalDepartmentName": "FMRIF 3TD",
    "InstitutionAddress": "10 Center Drive Building 10 Room B1D307,Bethesda--,Maryland,US,20892",
    "DeviceSerialNumber": "45160",
    "StationName": "AWP45160",
    "BodyPart": "BRAIN",
    "PatientPosition": "HFS",
    "ProcedureStepDescription": "FMRIF^QA",
    "SoftwareVersions": "syngo MR E11",
    "MRAcquisitionType": "2D",
    "StudyDescription": "FMRIF^QA",
    "SeriesDescription": "EPI PE=AP",
    "ProtocolName": "EPI PE=AP",
    "ScanningSequence": "EP",
    "SequenceVariant": "SK",
    "ScanOptions": "FS",
    "SequenceName": "epfid2d1_72",
    "ImageType": [
        "ORIGINAL",
        "PRIMARY",
        "M",
        "ND",
        "ECHO",
        "00",
        "MOSAIC",
        "MAGNITUDE"
    ],
    "NonlinearGradientCorrection": false,
    "SeriesNumber": 3,
    "AcquisitionTime": "12:24:58.102500",
    "AcquisitionNumber": 1,
    "ImageComments": "None",
    "SliceThickness": 3,
    "SpacingBetweenSlices": 12,
    "SAR": 0.00556578,
    "TablePosition": [
        0,
        0,
        0
    ],
    "EchoTime": 0.05,
    "RepetitionTime": 2.43537,
    "FlipAngle": 75,
    "PartialFourier": 1,
    "BaseResolution": 72,
    "ShimSetting": [
        -3717,
        15233,
        -9833,
        -207,
        -312,
        -110,
        150,
        226
    ],
    "TxRefAmp": 316.97,
    "PhaseResolution": 1,
    "ReceiveCoilName": "Head_32",
    "ReceiveCoilActiveElements": "HEA;HEP",
    "PulseSequenceDetails": "%CustomerSeq%\\nih_ep2d_bold",
    "CoilCombinationMethod": "Sum of Squares",
    "ConsistencyInfo": "N4_VE11C_LATEST_20160120",
    "MatrixCoilMode": "SENSE",
    "PercentPhaseFOV": 100,
    "PercentSampling": 100,
    "EchoTrainLength": 72,
    "PhaseEncodingSteps": 72,
    "AcquisitionMatrixPE": 72,
    "ReconMatrixPE": 72,
    "BandwidthPerPixelPhaseEncode": 27.778,
    "EffectiveEchoSpacing": 0.000499996,
    "DerivedVendorReportedEchoSpacing": 0.000499996,
    "TotalReadoutTime": 0.0354997,
    "PixelBandwidth": 2315,
    "DwellTime": 3e-06,
    "PhaseEncodingDirection": "j-",
    "SliceTiming": [
        0,
        1.45,
        0.4825,
        1.9325,
        0.9675
    ],
    "ImageOrientationPatientDICOM": [
        1,
        0,
        0,
        0,
        1,
        0
    ],
    "ImageOrientationText": "Tra",
    "InPlanePhaseEncodingDirectionDICOM": "COL",
    "BidsGuess": [
        "func",
        "_acq-epfid2_dir-AP_run-3_bold"
    ],
    "ConversionSoftware": "dcm2niix",
    "ConversionSoftwareVersion": "v1.0.20241211",
    "Dcm2bidsVersion": "3.2.0",
    "intendedFor": "bids::sub-ID01/func/sub-ID01_task-rest_bold.nii.gz"
}